GEM
  remote: https://rubygems.org/
  specs:
    dxopal (1.5.2)
      rack (~> 2.0)
      thor (~> 0.20)
    meiro (0.0.1)
    rack (2.2.8)
    thor (0.20.3)

PLATFORMS
  x86_64-linux

DEPENDENCIES
  dxopal
  meiro

BUNDLED WITH
   2.3.14
